GEM
  remote: https://rubygems.org/
  specs:
    matrix (0.4.2)
    minitest (5.15.0)

PLATFORMS
  x86_64-darwin-21

DEPENDENCIES
  matrix
  minitest

BUNDLED WITH
   2.3.14
